GEM
  specs:
    Ascii85 (1.0.3)
    pdf-reader (1.1.1)
      Ascii85 (~> 1.0.0)
      ruby-rc4
    pdf-reader-turtletext (0.2.2)
      pdf-reader (= 1.1.1)
    ruby-rc4 (0.1.5)

PLATFORMS
  ruby

DEPENDENCIES
  pdf-reader-turtletext

BUNDLED WITH
   1.16.2
